GEM
  remote: https://rubygems.org/
  specs:
    dotenv (2.2.1)

PLATFORMS
  ruby

DEPENDENCIES
  dotenv

RUBY VERSION
   ruby 2.4.2p198

BUNDLED WITH
   1.15.4
