GEM
  remote: https://rubygems.org/
  specs:
    backports (3.6.5)
    foreman (0.78.0)
      thor (~> 0.19.1)
    irb-history (1.0.0)
    multi_json (1.11.2)
    paint (1.0.0)
    rack (1.6.4)
    rack-protection (1.5.3)
      rack
    rack-test (0.6.3)
      rack (>= 1.0)
    sinatra (1.4.6)
      rack (~> 1.4)
      rack-protection (~> 1.4)
      tilt (>= 1.3, < 3)
    sinatra-contrib (1.4.6)
      backports (>= 2.0)
      multi_json
      rack-protection
      rack-test
      sinatra (~> 1.4.0)
      tilt (>= 1.3, < 3)
    thor (0.19.1)
    tilt (2.0.1)
    what_methods (1.0.1)
    wirb (2.0.0)
      paint (>= 0.9, < 2.0)

PLATFORMS
  ruby

DEPENDENCIES
  foreman
  irb-history
  sinatra
  sinatra-contrib
  what_methods
  wirb

BUNDLED WITH
   1.10.6
